GEM
  remote: https://rubygems.org/
  specs:
    bond (0.5.1)
    byebug (9.0.6)
    coderay (1.1.1)
    json (2.0.3)
    method_source (0.8.2)
    mini_portile2 (2.1.0)
    nokogiri (1.7.0.1)
      mini_portile2 (~> 2.1.0)
    plist (3.2.0)
    pry (0.10.4)
      coderay (~> 1.1.0)
      method_source (~> 0.8.1)
      slop (~> 3.4)
    pry-bond (0.0.1)
      bond (~> 0.5)
      rb-readline (~> 0.5)
    pry-byebug (3.4.2)
      byebug (~> 9.0)
      pry (~> 0.10)
    pry-debundle (0.8)
      pry
    pry-highlight (0.1.0)
      coderay
      json
      nokogiri
      pry
    pry-rails (0.3.4)
      pry (>= 0.9.10)
    rake (12.0.0)
    rb-readline (0.5.3)
    slop (3.6.0)

PLATFORMS
  ruby

DEPENDENCIES
  plist
  pry
  pry-bond
  pry-byebug
  pry-debundle
  pry-highlight
  pry-rails
  rake

BUNDLED WITH
   1.14.4
